PATH
  remote: .
  specs:
    lets_meet-domain (0.1.0)
      aggregate_root (~> 2.5.0)
      ruby_event_store (~> 2.5.0)

GEM
  remote: https://rubygems.org/
  specs:
    aggregate_root (2.5.1)
      ruby_event_store (= 2.5.1)
    ast (2.4.2)
    byebug (11.1.3)
    concurrent-ruby (1.1.10)
    diff-lcs (1.5.0)
    json (2.6.2)
    parallel (1.22.1)
    parser (3.1.2.1)
      ast (~> 2.4.1)
    rainbow (3.1.1)
    rake (13.0.6)
    regexp_parser (2.6.1)
    rexml (3.2.5)
    rspec (3.12.0)
      rspec-core (~> 3.12.0)
      rspec-expectations (~> 3.12.0)
      rspec-mocks (~> 3.12.0)
    rspec-core (3.12.0)
      rspec-support (~> 3.12.0)
    rspec-expectations (3.12.0)
      diff-lcs (>= 1.2.0, < 2.0)
      rspec-support (~> 3.12.0)
    rspec-mocks (3.12.0)
      diff-lcs (>= 1.2.0, < 2.0)
      rspec-support (~> 3.12.0)
    rspec-support (3.12.0)
    rubocop (1.39.0)
      json (~> 2.3)
      parallel (~> 1.10)
      parser (>= 3.1.2.1)
      rainbow (>= 2.2.2, < 4.0)
      regexp_parser (>= 1.8, < 3.0)
      rexml (>= 3.2.5, < 4.0)
      rubocop-ast (>= 1.23.0, < 2.0)
      ruby-progressbar (~> 1.7)
      unicode-display_width (>= 1.4.0, < 3.0)
    rubocop-ast (1.23.0)
      parser (>= 3.1.1.0)
    rubocop-performance (1.15.0)
      rubocop (>= 1.7.0, < 2.0)
      rubocop-ast (>= 0.4.0)
    ruby-progressbar (1.11.0)
    ruby_event_store (2.5.1)
      concurrent-ruby (~> 1.0, >= 1.1.6)
    ruby_event_store-rspec (2.5.1)
      rspec (~> 3.0)
    standard (1.18.0)
      rubocop (= 1.39.0)
      rubocop-performance (= 1.15.0)
    standardrb (1.0.1)
      standard
    unicode-display_width (2.3.0)

PLATFORMS
  x86_64-darwin-21

DEPENDENCIES
  byebug (~> 11.1)
  lets_meet-domain!
  rake (~> 13.0)
  rspec (~> 3.0)
  ruby_event_store-rspec (~> 2.0)
  standardrb (~> 1.0)

BUNDLED WITH
   2.3.26
